GIT
  remote: https://github.com/osyoyu/stackprof
  revision: 605f56165bb2ebcc425fca386587d5fe8a174911
  specs:
    stackprof (0.2.12)

GEM
  remote: https://rubygems.org/
  specs:
    backports (3.15.0)
    concurrent-ruby (1.1.5)
    diff-lcs (1.3)
    expeditor (0.7.0)
      concurrent-ruby (>= 1.0.0)
      retryable (> 1.0)
    hiredis (0.6.3)
    multi_json (1.13.1)
    mustermann (1.0.3)
    mysql2 (0.5.2)
    mysql2-cs-bind (0.0.7)
      mysql2
    newrelic_rpm (6.7.0.359)
    nio4r (2.5.2)
    puma (4.2.0)
      nio4r (~> 2.0)
    rack (2.0.7)
    rack-protection (2.0.7)
      rack
    redis (4.1.3)
    retryable (3.0.4)
    rspec (3.8.0)
      rspec-core (~> 3.8.0)
      rspec-expectations (~> 3.8.0)
      rspec-mocks (~> 3.8.0)
    rspec-core (3.8.2)
      rspec-support (~> 3.8.0)
    rspec-expectations (3.8.4)
      diff-lcs (>= 1.2.0, < 2.0)
      rspec-support (~> 3.8.0)
    rspec-mocks (3.8.1)
      diff-lcs (>= 1.2.0, < 2.0)
      rspec-support (~> 3.8.0)
    rspec-support (3.8.2)
    sinatra (2.0.7)
      mustermann (~> 1.0)
      rack (~> 2.0)
      rack-protection (= 2.0.7)
      tilt (~> 2.0)
    sinatra-contrib (2.0.7)
      backports (>= 2.8.2)
      multi_json
      mustermann (~> 1.0)
      rack-protection (= 2.0.7)
      sinatra (= 2.0.7)
      tilt (~> 2.0)
    tilt (2.0.10)

PLATFORMS
  ruby

DEPENDENCIES
  expeditor
  hiredis
  mysql2
  mysql2-cs-bind
  newrelic_rpm
  puma
  redis
  rspec
  sinatra
  sinatra-contrib
  stackprof!

BUNDLED WITH
   1.17.3
